PATH
  remote: .
  specs:
    k3_authorization (0.1.0)
      activesupport (>= 2)
      i18n

GEM
  remote: http://rubygems.org/
  specs:
    activesupport (3.0.1)
    diff-lcs (1.1.2)
    i18n (0.4.2)
    rspec (2.0.1)
      rspec-core (~> 2.0.1)
      rspec-expectations (~> 2.0.1)
      rspec-mocks (~> 2.0.1)
    rspec-core (2.0.1)
    rspec-expectations (2.0.1)
      diff-lcs (>= 1.1.2)
    rspec-mocks (2.0.1)
      rspec-core (~> 2.0.1)
      rspec-expectations (~> 2.0.1)

PLATFORMS
  ruby

DEPENDENCIES
  activesupport (>= 2)
  i18n
  k3_authorization!
  rspec (>= 2)
